GEM
  remote: http://rubygems.org/
  specs:
    albino (1.3.3)
      posix-spawn (>= 0.3.6)
    classifier (1.3.3)
      fast-stemmer (>= 1.0.0)
    directory_watcher (1.4.1)
    fast-stemmer (1.0.1)
    jekyll (0.11.2)
      albino (~> 1.3)
      classifier (~> 1.3)
      directory_watcher (~> 1.1)
      kramdown (~> 0.13)
      liquid (~> 2.3)
      maruku (~> 0.5)
    jekyll-minimagick (0.0.2)
      jekyll (>= 0.10.0)
      mini_magick (>= 3.3)
    kramdown (0.13.7)
    liquid (2.3.0)
    maruku (0.6.0)
      syntax (>= 1.0.0)
    mini_magick (3.4)
      subexec (~> 0.2.1)
    posix-spawn (0.3.6)
    rake (0.9.2.2)
    subexec (0.2.2)
    syntax (1.0.0)

PLATFORMS
  ruby

DEPENDENCIES
  jekyll
  jekyll-minimagick
  rake
